GEM
  remote: http://rubygems.org/
  specs:
    diff-lcs (1.1.3)
    haml (3.0.25)
    json (1.5.1)
    json_pure (1.5.1)
    nokogiri (1.4.4)
    rack (1.3.0)
    rack-test (0.6.1)
      rack (>= 1.0)
    rake (0.9.0)
    rspec (2.6.0)
      rspec-core (~> 2.6.0)
      rspec-expectations (~> 2.6.0)
      rspec-mocks (~> 2.6.0)
    rspec-core (2.6.4)
    rspec-expectations (2.6.0)
      diff-lcs (~> 1.1.2)
    rspec-mocks (2.6.0)
    sinatra (1.1.0)
      rack (~> 1.1)
      tilt (~> 1.1)
    tilt (1.3.3)

PLATFORMS
  ruby

DEPENDENCIES
  haml (= 3.0.25)
  json (= 1.5.1)
  json_pure (= 1.5.1)
  nokogiri (= 1.4.4)
  rack (= 1.3.0)
  rack-test (>= 0.6.0)
  rake (= 0.9.0)
  rspec (= 2.6.0)
  rspec-core (= 2.6.4)
  sinatra (= 1.1.0)
